GEM
  remote: http://rubygems.org/
  specs:
    diff-lcs (1.2.1)
    git (1.2.5)
    jeweler (1.8.4)
      bundler (~> 1.0)
      git (>= 1.2.5)
      rake
      rdoc
    nokogiri (1.4.4)
    rake (10.0.3)
    rdoc (6.3.2)
    rspec (2.13.0)
      rspec-core (~> 2.13.0)
      rspec-expectations (~> 2.13.0)
      rspec-mocks (~> 2.13.0)
    rspec-core (2.13.0)
    rspec-expectations (2.13.0)
      diff-lcs (>= 1.1.3, < 2.0)
    rspec-mocks (2.13.0)

PLATFORMS
  ruby

DEPENDENCIES
  jeweler (~> 1.8.4)
  nokogiri
  rspec (~> 2.13.0)
